GIT
  remote: git://github.com/inesita-rb/inesita.git
  revision: 3c868b51dc2a9d920a849fbb2700c215e689df35
  specs:
    inesita (0.4.0)
      listen (~> 3.0)
      opal (~> 0.9)
      opal-virtual-dom (~> 0.4.0)
      rack-rewrite (~> 1.5)
      sass (~> 3.4)
      slim (~> 3.0)
      thor (~> 0.19)

GIT
  remote: git://github.com/opal/opal-browser.git
  revision: 5d3be6e8ea7ae584c9fdddc8ce961b2e2107131a
  specs:
    opal-browser (0.2.0)
      opal
      paggio

GEM
  remote: https://rubygems.org/
  specs:
    autoprefixer-rails (6.3.6)
      execjs
    bootstrap-sass (3.3.6)
      autoprefixer-rails (>= 5.2.1)
      sass (>= 3.3.4)
    concurrent-ruby (1.0.1)
    execjs (2.6.0)
    ffi (1.9.10)
    hike (1.2.3)
    htmlcompressor (0.3.0)
    inesita-livereload (0.1.0)
      listen (~> 3.0)
      opal (~> 0.9)
      websocket (~> 1.0)
    listen (3.0.6)
      rb-fsevent (>= 0.9.3)
      rb-inotify (>= 0.9.7)
    opal (0.9.2)
      hike (~> 1.2)
      sourcemap (~> 0.1.0)
      sprockets (~> 3.1)
      tilt (>= 1.4)
    opal-phoenix (0.0.7)
      opal
    opal-virtual-dom (0.4.0)
      opal
    paggio (0.2.6)
    puma (3.4.0)
    rack (1.6.4)
    rack-rewrite (1.5.1)
    rb-fsevent (0.9.7)
    rb-inotify (0.9.7)
      ffi (>= 0.5.0)
    sass (3.4.22)
    sass-globbing (1.1.5)
      sass (>= 3.1)
    slim (3.0.6)
      temple (~> 0.7.3)
      tilt (>= 1.3.3, < 2.1)
    sourcemap (0.1.1)
    sprockets (3.6.0)
      concurrent-ruby (~> 1.0)
      rack (> 1, < 3)
    temple (0.7.6)
    thor (0.19.1)
    tilt (2.0.2)
    uglifier (3.0.0)
      execjs (>= 0.3.0, < 3)
    websocket (1.2.3)

PLATFORMS
  ruby

DEPENDENCIES
  bootstrap-sass
  htmlcompressor
  inesita!
  inesita-livereload
  opal-browser!
  opal-phoenix
  puma
  sass-globbing
  uglifier

BUNDLED WITH
   1.11.2
